GEM
  remote: https://rubygems.org/
  specs:
    rack (2.0.1)
    redis (3.3.1)

PLATFORMS
  ruby

DEPENDENCIES
  rack
  redis (~> 3.2)

BUNDLED WITH
   1.12.5
