GEM
  remote: https://rubygems.org/
  specs:
    redis (3.3.1)

PLATFORMS
  ruby

DEPENDENCIES
  redis (~> 3.2)

BUNDLED WITH
   1.12.5
